STORAGE: NONE
RESTRICTION: == net6.0
NUGET
  remote: https://api.nuget.org/v3/index.json
    Avalonia (11.0.0-preview6)
      Avalonia.Remote.Protocol (>= 11.0.0-preview6)
      MicroCom.Runtime (>= 0.11)
      System.ComponentModel.Annotations (>= 4.5)
    Avalonia.Angle.Windows.Natives (2.1.0.2023020321)
    Avalonia.Controls.ColorPicker (11.0.0-preview6)
      Avalonia (>= 11.0.0-preview6)
      Avalonia.Remote.Protocol (>= 11.0.0-preview6)
    Avalonia.Controls.DataGrid (11.0.0-preview6)
      Avalonia (>= 11.0.0-preview6)
      Avalonia.Remote.Protocol (>= 11.0.0-preview6)
    Avalonia.Desktop (11.0.0-preview6)
      Avalonia (>= 11.0.0-preview6)
      Avalonia.Native (>= 11.0.0-preview6)
      Avalonia.Skia (>= 11.0.0-preview6)
      Avalonia.Win32 (>= 11.0.0-preview6)
      Avalonia.X11 (>= 11.0.0-preview6)
    Avalonia.Diagnostics (11.0.0-preview6)
      Avalonia (>= 11.0.0-preview6)
      Avalonia.Controls.ColorPicker (>= 11.0.0-preview6)
      Avalonia.Controls.DataGrid (>= 11.0.0-preview6)
      Avalonia.Themes.Simple (>= 11.0.0-preview6)
      Microsoft.CodeAnalysis.Common (>= 3.8)
      Microsoft.CodeAnalysis.CSharp.Scripting (>= 3.8)
    Avalonia.FreeDesktop (11.0.0-preview6)
      Avalonia (>= 11.0.0-preview6)
      Tmds.DBus.Protocol (>= 0.14)
      Tmds.DBus.SourceGenerator (>= 0.0.4)
    Avalonia.FuncUI (0.6.0-preview9.1)
      Avalonia (>= 11.0.0-preview6)
      FSharp.Core (>= 7.0.200)
    Avalonia.FuncUI.Elmish (0.6.0-preview9.1)
      Avalonia.FuncUI (>= 0.6.0-preview9.1)
      Elmish (>= 4.0)
      FSharp.Core (>= 7.0.200)
    Avalonia.Native (11.0.0-preview6)
      Avalonia (>= 11.0.0-preview6)
    Avalonia.Remote.Protocol (11.0.0-preview6)
    Avalonia.Skia (11.0.0-preview6)
      Avalonia (>= 11.0.0-preview6)
      HarfBuzzSharp (>= 2.8.2.3)
      HarfBuzzSharp.NativeAssets.Linux (>= 2.8.2.3)
      HarfBuzzSharp.NativeAssets.WebAssembly (>= 2.8.2.3)
      SkiaSharp (>= 2.88.3)
      SkiaSharp.NativeAssets.Linux (>= 2.88.3)
      SkiaSharp.NativeAssets.WebAssembly (>= 2.88.3)
    Avalonia.Themes.Fluent (11.0.0-preview6)
      Avalonia (>= 11.0.0-preview6)
    Avalonia.Themes.Simple (11.0.0-preview6)
      Avalonia (>= 11.0.0-preview6)
    Avalonia.Win32 (11.0.0-preview6)
      Avalonia (>= 11.0.0-preview6)
      Avalonia.Angle.Windows.Natives (>= 2.1.0.2023020321)
      System.Drawing.Common (>= 6.0)
      System.Numerics.Vectors (>= 4.5)
    Avalonia.X11 (11.0.0-preview6)
      Avalonia (>= 11.0.0-preview6)
      Avalonia.FreeDesktop (>= 11.0.0-preview6)
      Avalonia.Skia (>= 11.0.0-preview6)
    coverlet.collector (3.2)
    Elmish (4.0.1)
    FSharp.Analyzers.SDK (0.11)
      FSharp.Compiler.Service (>= 41.0.1)
      FSharp.Core (>= 6.0.1)
      McMaster.NETCore.Plugins (>= 1.4)
    FSharp.Compiler.Service (43.7.200)
      FSharp.Core (7.0.200)
      System.Buffers (>= 4.5.1)
      System.Collections.Immutable (>= 6.0)
      System.Diagnostics.DiagnosticSource (>= 6.0)
      System.Memory (>= 4.5.5)
      System.Reflection.Emit (>= 4.7)
      System.Reflection.Metadata (>= 6.0)
      System.Runtime.CompilerServices.Unsafe (>= 6.0)
    FSharp.Core (7.0.200) - content: none
    FsUnit.xUnit (5.2)
      FSharp.Core (>= 6.0.7)
      NHamcrest (>= 3.1 < 4.0)
      xunit (>= 2.4.2 < 2.5)
    HarfBuzzSharp (2.8.2.3)
      HarfBuzzSharp.NativeAssets.macOS (>= 2.8.2.3)
      HarfBuzzSharp.NativeAssets.Win32 (>= 2.8.2.3)
    HarfBuzzSharp.NativeAssets.Linux (2.8.2.3)
      HarfBuzzSharp (>= 2.8.2.3)
    HarfBuzzSharp.NativeAssets.macOS (2.8.2.3)
    HarfBuzzSharp.NativeAssets.WebAssembly (2.8.2.3)
    HarfBuzzSharp.NativeAssets.Win32 (2.8.2.3)
    McMaster.NETCore.Plugins (1.4)
      Microsoft.DotNet.PlatformAbstractions (>= 3.1.6)
      Microsoft.Extensions.DependencyModel (>= 5.0)
    MessagePack (2.5.108)
      MessagePack.Annotations (>= 2.5.108)
      Microsoft.NET.StringTools (>= 17.4)
      System.Runtime.CompilerServices.Unsafe (>= 6.0)
    MessagePack.Annotations (2.5.108)
    MessagePack.FSharpExtensions (4.0)
      FSharp.Core (>= 7.0.200)
      MessagePack (>= 2.4.59)
    MicroCom.Runtime (0.11)
    Microsoft.CodeAnalysis.Analyzers (3.3.4)
    Microsoft.CodeAnalysis.Common (4.5)
      Microsoft.CodeAnalysis.Analyzers (>= 3.3.3)
      System.Collections.Immutable (>= 6.0)
      System.Reflection.Metadata (>= 6.0.1)
      System.Runtime.CompilerServices.Unsafe (>= 6.0)
      System.Text.Encoding.CodePages (>= 6.0)
    Microsoft.CodeAnalysis.CSharp (4.5)
      Microsoft.CodeAnalysis.Common (4.5)
    Microsoft.CodeAnalysis.CSharp.Scripting (4.5)
      Microsoft.CodeAnalysis.Common (4.5)
      Microsoft.CodeAnalysis.CSharp (4.5)
      Microsoft.CodeAnalysis.Scripting.Common (4.5)
      Microsoft.CSharp (>= 4.7)
    Microsoft.CodeAnalysis.Scripting.Common (4.5)
      Microsoft.CodeAnalysis.Common (4.5)
    Microsoft.CodeCoverage (17.5)
    Microsoft.CSharp (4.7)
    Microsoft.DotNet.PlatformAbstractions (3.1.6)
    Microsoft.Extensions.DependencyModel (7.0)
      System.Text.Encodings.Web (>= 7.0)
      System.Text.Json (>= 7.0)
    Microsoft.NET.StringTools (17.5)
      System.Memory (>= 4.5.5)
      System.Runtime.CompilerServices.Unsafe (>= 6.0)
    Microsoft.NET.Test.Sdk (17.5)
      Microsoft.CodeCoverage (>= 17.5)
      Microsoft.TestPlatform.TestHost (>= 17.5)
    Microsoft.NETCore.Platforms (7.0.2)
    Microsoft.TestPlatform.ObjectModel (17.5)
      NuGet.Frameworks (>= 5.11)
      System.Reflection.Metadata (>= 1.6)
    Microsoft.TestPlatform.TestHost (17.5)
      Microsoft.TestPlatform.ObjectModel (>= 17.5)
      Newtonsoft.Json (>= 13.0.1)
    Microsoft.Win32.SystemEvents (7.0)
    NETStandard.Library (2.0.3)
      Microsoft.NETCore.Platforms (>= 1.1)
    Newtonsoft.Json (13.0.3)
    NHamcrest (3.1)
    NuGet.Frameworks (6.5)
    SkiaSharp (2.88.3)
      SkiaSharp.NativeAssets.macOS (>= 2.88.3)
      SkiaSharp.NativeAssets.Win32 (>= 2.88.3)
    SkiaSharp.NativeAssets.Linux (2.88.3)
      SkiaSharp (>= 2.88.3)
    SkiaSharp.NativeAssets.macOS (2.88.3)
    SkiaSharp.NativeAssets.WebAssembly (2.88.3)
    SkiaSharp.NativeAssets.Win32 (2.88.3)
    System.Buffers (4.5.1)
    System.Collections.Immutable (7.0)
      System.Runtime.CompilerServices.Unsafe (>= 6.0)
    System.ComponentModel.Annotations (4.5)
    System.Diagnostics.DiagnosticSource (7.0.2)
      System.Runtime.CompilerServices.Unsafe (>= 6.0)
    System.Drawing.Common (7.0)
      Microsoft.Win32.SystemEvents (>= 7.0)
    System.IO.Pipelines (7.0)
    System.Memory (4.5.5)
    System.Numerics.Vectors (4.5)
    System.Reflection.Emit (4.7)
    System.Reflection.Metadata (7.0.1)
      System.Collections.Immutable (>= 7.0)
    System.Runtime.CompilerServices.Unsafe (6.0)
    System.Text.Encoding.CodePages (7.0)
      System.Runtime.CompilerServices.Unsafe (>= 6.0)
    System.Text.Encodings.Web (7.0)
      System.Runtime.CompilerServices.Unsafe (>= 6.0)
    System.Text.Json (7.0.2)
      System.Runtime.CompilerServices.Unsafe (>= 6.0)
      System.Text.Encodings.Web (>= 7.0)
    Tmds.DBus.Protocol (0.15)
      System.IO.Pipelines (>= 6.0)
    Tmds.DBus.SourceGenerator (0.0.7)
    xunit (2.4.2)
      xunit.analyzers (>= 1.0)
      xunit.assert (>= 2.4.2)
      xunit.core (2.4.2)
    xunit.abstractions (2.0.3)
    xunit.analyzers (1.1)
    xunit.assert (2.4.2)
      NETStandard.Library (>= 1.6.1)
    xunit.core (2.4.2)
      xunit.extensibility.core (2.4.2)
      xunit.extensibility.execution (2.4.2)
    xunit.extensibility.core (2.4.2)
      NETStandard.Library (>= 1.6.1)
      xunit.abstractions (>= 2.0.3)
    xunit.extensibility.execution (2.4.2)
      NETStandard.Library (>= 1.6.1)
      xunit.extensibility.core (2.4.2)
    xunit.runner.visualstudio (2.4.5)

GROUP Build
STORAGE: NONE
RESTRICTION: == net6.0
NUGET
  remote: https://api.nuget.org/v3/index.json
    BlackFox.VsWhere (1.1)
      FSharp.Core (>= 4.2.3)
      Microsoft.Win32.Registry (>= 4.7)
    Fake.Api.GitHub (6.0)
      FSharp.Core (>= 6.0.3)
      Octokit (>= 0.50)
    Fake.BuildServer.TeamFoundation (6.0)
      Fake.Core.Environment (>= 6.0)
      Fake.Core.String (>= 6.0)
      Fake.Core.Trace (>= 6.0)
      Fake.Core.Vault (>= 6.0)
      Fake.IO.FileSystem (>= 6.0)
      FSharp.Core (>= 6.0.3)
    Fake.Core.CommandLineParsing (6.0)
      FParsec (>= 1.1.1)
      FSharp.Core (>= 6.0.3)
    Fake.Core.Context (6.0)
      FSharp.Core (>= 6.0.3)
    Fake.Core.Environment (6.0)
      FSharp.Core (>= 6.0.3)
    Fake.Core.FakeVar (6.0)
      Fake.Core.Context (>= 6.0)
      FSharp.Core (>= 6.0.3)
    Fake.Core.Process (6.0)
      Fake.Core.Environment (>= 6.0)
      Fake.Core.FakeVar (>= 6.0)
      Fake.Core.String (>= 6.0)
      Fake.Core.Trace (>= 6.0)
      Fake.IO.FileSystem (>= 6.0)
      FSharp.Core (>= 6.0.3)
      System.Collections.Immutable (>= 6.0)
    Fake.Core.ReleaseNotes (6.0)
      Fake.Core.SemVer (>= 6.0)
      Fake.Core.String (>= 6.0)
      FSharp.Core (>= 6.0.3)
    Fake.Core.SemVer (6.0)
      FSharp.Core (>= 6.0.3)
    Fake.Core.String (6.0)
      FSharp.Core (>= 6.0.3)
    Fake.Core.Target (6.0)
      Fake.Core.CommandLineParsing (>= 6.0)
      Fake.Core.Context (>= 6.0)
      Fake.Core.Environment (>= 6.0)
      Fake.Core.FakeVar (>= 6.0)
      Fake.Core.Process (>= 6.0)
      Fake.Core.String (>= 6.0)
      Fake.Core.Trace (>= 6.0)
      FSharp.Control.Reactive (>= 5.0.2)
      FSharp.Core (>= 6.0.3)
    Fake.Core.Tasks (6.0)
      Fake.Core.Trace (>= 6.0)
      FSharp.Core (>= 6.0.3)
    Fake.Core.Trace (6.0)
      Fake.Core.Environment (>= 6.0)
      Fake.Core.FakeVar (>= 6.0)
      FSharp.Core (>= 6.0.3)
    Fake.Core.Vault (6.0)
      FSharp.Core (>= 6.0.3)
      Newtonsoft.Json (>= 13.0.1)
    Fake.Core.Xml (6.0)
      Fake.Core.String (>= 6.0)
      FSharp.Core (>= 6.0.3)
    Fake.DotNet.AssemblyInfoFile (6.0)
      Fake.Core.Environment (>= 6.0)
      Fake.Core.String (>= 6.0)
      Fake.Core.Trace (>= 6.0)
      Fake.IO.FileSystem (>= 6.0)
      FSharp.Core (>= 6.0.3)
    Fake.DotNet.Cli (6.0)
      Fake.Core.Environment (>= 6.0)
      Fake.Core.Process (>= 6.0)
      Fake.Core.String (>= 6.0)
      Fake.Core.Trace (>= 6.0)
      Fake.DotNet.MSBuild (>= 6.0)
      Fake.DotNet.NuGet (>= 6.0)
      Fake.IO.FileSystem (>= 6.0)
      FSharp.Core (>= 6.0.3)
      Mono.Posix.NETStandard (>= 1.0)
      Newtonsoft.Json (>= 13.0.1)
    Fake.DotNet.MSBuild (6.0)
      BlackFox.VsWhere (>= 1.1)
      Fake.Core.Environment (>= 6.0)
      Fake.Core.Process (>= 6.0)
      Fake.Core.String (>= 6.0)
      Fake.Core.Trace (>= 6.0)
      Fake.IO.FileSystem (>= 6.0)
      FSharp.Core (>= 6.0.3)
      MSBuild.StructuredLogger (>= 2.1.545)
    Fake.DotNet.NuGet (6.0)
      Fake.Core.Environment (>= 6.0)
      Fake.Core.Process (>= 6.0)
      Fake.Core.SemVer (>= 6.0)
      Fake.Core.String (>= 6.0)
      Fake.Core.Tasks (>= 6.0)
      Fake.Core.Trace (>= 6.0)
      Fake.Core.Xml (>= 6.0)
      Fake.IO.FileSystem (>= 6.0)
      Fake.Net.Http (>= 6.0)
      FSharp.Core (>= 6.0.3)
      Newtonsoft.Json (>= 13.0.1)
      NuGet.Protocol (>= 6.0)
    Fake.DotNet.Paket (6.0)
      Fake.Core.Process (>= 6.0)
      Fake.Core.String (>= 6.0)
      Fake.Core.Trace (>= 6.0)
      Fake.DotNet.Cli (>= 6.0)
      Fake.IO.FileSystem (>= 6.0)
      FSharp.Core (>= 6.0.3)
    Fake.DotNet.Testing.XUnit2 (6.0)
      Fake.Core.Process (>= 6.0)
      Fake.Core.String (>= 6.0)
      Fake.Core.Trace (>= 6.0)
      Fake.IO.FileSystem (>= 6.0)
      Fake.Testing.Common (>= 6.0)
      FSharp.Core (>= 6.0.3)
    Fake.IO.FileSystem (6.0)
      Fake.Core.String (>= 6.0)
      Fake.Core.Trace (>= 6.0)
      FSharp.Core (>= 6.0.3)
    Fake.IO.Zip (6.0)
      Fake.Core.String (>= 6.0)
      Fake.IO.FileSystem (>= 6.0)
      FSharp.Core (>= 6.0.3)
    Fake.Net.Http (6.0)
      Fake.Core.Trace (>= 6.0)
      FSharp.Core (>= 6.0.3)
    Fake.Testing.Common (6.0)
      Fake.Core.Trace (>= 6.0)
      FSharp.Core (>= 6.0.3)
    FParsec (1.1.1)
      FSharp.Core (>= 4.3.4)
    FSharp.Control.Reactive (5.0.5)
      FSharp.Core (>= 4.7.2)
      System.Reactive (>= 5.0 < 6.0)
    FSharp.Core (7.0.200)
    Microsoft.Build (17.3.2)
      Microsoft.Build.Framework (>= 17.3.2)
      Microsoft.NET.StringTools (>= 17.3.2)
      System.Collections.Immutable (>= 6.0)
      System.Configuration.ConfigurationManager (>= 6.0)
      System.Reflection.Metadata (>= 6.0)
      System.Reflection.MetadataLoadContext (>= 6.0)
      System.Security.Principal.Windows (>= 5.0)
      System.Text.Encoding.CodePages (>= 6.0)
      System.Text.Json (>= 6.0)
      System.Threading.Tasks.Dataflow (>= 6.0)
    Microsoft.Build.Framework (17.3.2)
      System.Security.Permissions (>= 6.0)
    Microsoft.Build.Tasks.Core (17.3.2)
      Microsoft.Build.Framework (>= 17.3.2)
      Microsoft.Build.Utilities.Core (>= 17.3.2)
      Microsoft.NET.StringTools (>= 17.3.2)
      System.CodeDom (>= 6.0)
      System.Collections.Immutable (>= 6.0)
      System.Reflection.Metadata (>= 6.0)
      System.Resources.Extensions (>= 6.0)
      System.Security.Cryptography.Pkcs (>= 6.0.1)
      System.Security.Cryptography.Xml (>= 6.0)
      System.Security.Permissions (>= 6.0)
      System.Threading.Tasks.Dataflow (>= 6.0)
    Microsoft.Build.Utilities.Core (17.3.2)
      Microsoft.Build.Framework (>= 17.3.2)
      Microsoft.NET.StringTools (>= 17.3.2)
      System.Collections.Immutable (>= 6.0)
      System.Configuration.ConfigurationManager (>= 6.0)
    Microsoft.NET.StringTools (17.5)
      System.Memory (>= 4.5.5)
      System.Runtime.CompilerServices.Unsafe (>= 6.0)
    Microsoft.Win32.Registry (5.0)
      System.Security.AccessControl (>= 5.0)
      System.Security.Principal.Windows (>= 5.0)
    Microsoft.Win32.SystemEvents (7.0)
    Mono.Posix.NETStandard (1.0)
    MSBuild.StructuredLogger (2.1.815)
      Microsoft.Build.Framework (>= 16.10)
      Microsoft.Build.Utilities.Core (>= 16.10)
    Newtonsoft.Json (13.0.3)
    NuGet.Common (6.5)
      NuGet.Frameworks (>= 6.5)
    NuGet.Configuration (6.5)
      NuGet.Common (>= 6.5)
      System.Security.Cryptography.ProtectedData (>= 4.4)
    NuGet.Frameworks (6.5)
    NuGet.Packaging (6.5)
      Newtonsoft.Json (>= 13.0.1)
      NuGet.Configuration (>= 6.5)
      NuGet.Versioning (>= 6.5)
      System.Security.Cryptography.Cng (>= 5.0)
      System.Security.Cryptography.Pkcs (>= 5.0)
    NuGet.Protocol (6.5)
      NuGet.Packaging (>= 6.5)
    NuGet.Versioning (6.5)
    Octokit (5.1)
    System.CodeDom (7.0)
    System.Collections.Immutable (7.0)
      System.Runtime.CompilerServices.Unsafe (>= 6.0)
    System.Configuration.ConfigurationManager (7.0)
      System.Security.Cryptography.ProtectedData (>= 7.0)
      System.Security.Permissions (>= 7.0)
    System.Drawing.Common (7.0)
      Microsoft.Win32.SystemEvents (>= 7.0)
    System.Formats.Asn1 (7.0)
    System.Memory (4.5.5)
    System.Reactive (5.0)
    System.Reflection.Metadata (7.0.1)
      System.Collections.Immutable (>= 7.0)
    System.Reflection.MetadataLoadContext (7.0)
      System.Collections.Immutable (>= 7.0)
      System.Reflection.Metadata (>= 7.0)
    System.Resources.Extensions (7.0)
    System.Runtime.CompilerServices.Unsafe (6.0)
    System.Security.AccessControl (6.0)
    System.Security.Cryptography.Cng (5.0)
      System.Formats.Asn1 (>= 5.0)
    System.Security.Cryptography.Pkcs (7.0.1)
      System.Formats.Asn1 (>= 7.0)
    System.Security.Cryptography.ProtectedData (7.0.1)
    System.Security.Cryptography.Xml (7.0.1)
      System.Security.Cryptography.Pkcs (>= 7.0)
    System.Security.Permissions (7.0)
      System.Windows.Extensions (>= 7.0)
    System.Security.Principal.Windows (5.0)
    System.Text.Encoding.CodePages (7.0)
      System.Runtime.CompilerServices.Unsafe (>= 6.0)
    System.Text.Encodings.Web (7.0)
      System.Runtime.CompilerServices.Unsafe (>= 6.0)
    System.Text.Json (7.0.2)
      System.Runtime.CompilerServices.Unsafe (>= 6.0)
      System.Text.Encodings.Web (>= 7.0)
    System.Threading.Tasks.Dataflow (7.0)
    System.Windows.Extensions (7.0)
      System.Drawing.Common (>= 7.0)
